PATH
  remote: .
  specs:
    messaging_service (0.1.3)
      airbrake (~> 4.0.0)
      twilio-ruby (~> 3.14.0)
      voodoo_sms (~> 1.1.1)

GEM
  remote: https://rubygems.org/
  specs:
    addressable (2.3.8)
    airbrake (4.0.0)
      builder
      multi_json
    builder (3.2.2)
    crack (0.4.2)
      safe_yaml (~> 1.0.0)
    diff-lcs (1.2.5)
    httparty (0.14.0)
      multi_xml (>= 0.5.2)
    jwt (1.5.6)
    multi_json (1.12.1)
    multi_xml (0.5.5)
    rspec (3.2.0)
      rspec-core (~> 3.2.0)
      rspec-expectations (~> 3.2.0)
      rspec-mocks (~> 3.2.0)
    rspec-core (3.2.2)
      rspec-support (~> 3.2.0)
    rspec-expectations (3.2.0)
      diff-lcs (>= 1.2.0, < 2.0)
      rspec-support (~> 3.2.0)
    rspec-mocks (3.2.1)
      diff-lcs (>= 1.2.0, < 2.0)
      rspec-support (~> 3.2.0)
    rspec-support (3.2.2)
    safe_yaml (1.0.4)
    twilio-ruby (3.14.5)
      builder (>= 2.1.2)
      jwt (~> 1.0)
      multi_json (>= 1.3.0)
    vcr (2.9.3)
    voodoo_sms (1.1.1)
      httparty (~> 0.13)
    webmock (1.21.0)
      addressable (>= 2.3.6)
      crack (>= 0.3.2)

PLATFORMS
  ruby

DEPENDENCIES
  messaging_service!
  rspec
  vcr
  webmock

BUNDLED WITH
   1.13.2
