PATH
  remote: .
  specs:
    messaging_service (5.0.1)
      airbrake (> 4.0.0)
      twilio-ruby (~> 5.0)
      voodoo_sms (~> 1.1.1)

GEM
  remote: https://rubygems.org/
  specs:
    addressable (2.3.8)
    airbrake (7.3.3)
      airbrake-ruby (~> 2.10)
    airbrake-ruby (2.10.0)
    ast (2.3.0)
    byebug (9.0.6)
    coderay (1.1.1)
    crack (0.4.2)
      safe_yaml (~> 1.0.0)
    diff-lcs (1.3)
    faraday (0.15.1)
      multipart-post (>= 1.2, < 3)
    httparty (0.16.2)
      multi_xml (>= 0.5.2)
    jwt (2.1.0)
    method_source (0.8.2)
    mini_portile2 (2.3.0)
    multi_xml (0.6.0)
    multipart-post (2.0.0)
    nokogiri (1.8.2)
      mini_portile2 (~> 2.3.0)
    parser (2.4.0.0)
      ast (~> 2.2)
    powerpack (0.1.1)
    pry (0.10.4)
      coderay (~> 1.1.0)
      method_source (~> 0.8.1)
      slop (~> 3.4)
    pry-byebug (3.4.2)
      byebug (~> 9.0)
      pry (~> 0.10)
    rainbow (2.2.1)
    rake (12.2.1)
    rake-n-bake (2.1.4)
      rake (>= 10)
      term-ansicolor (~> 1.3)
    rspec (3.5.0)
      rspec-core (~> 3.5.0)
      rspec-expectations (~> 3.5.0)
      rspec-mocks (~> 3.5.0)
    rspec-core (3.5.4)
      rspec-support (~> 3.5.0)
    rspec-expectations (3.5.0)
      diff-lcs (>= 1.2.0, < 2.0)
      rspec-support (~> 3.5.0)
    rspec-mocks (3.5.0)
      diff-lcs (>= 1.2.0, < 2.0)
      rspec-support (~> 3.5.0)
    rspec-support (3.5.0)
    rubocop (0.48.1)
      parser (>= 2.3.3.1, < 3.0)
      powerpack (~> 0.1)
      rainbow (>= 1.99.1, < 3.0)
      ruby-progressbar (~> 1.7)
      unicode-display_width (~> 1.0, >= 1.0.1)
    ruby-progressbar (1.8.1)
    safe_yaml (1.0.4)
    semver2 (3.4.2)
    slop (3.6.0)
    term-ansicolor (1.6.0)
      tins (~> 1.0)
    tins (1.15.1)
    twilio-ruby (5.10.0)
      faraday (~> 0.9)
      jwt (>= 1.5, <= 2.5)
      nokogiri (>= 1.6, < 2.0)
    unicode-display_width (1.2.1)
    vcr (2.9.3)
    voodoo_sms (1.1.1)
      httparty (~> 0.13)
    webmock (1.21.0)
      addressable (>= 2.3.6)
      crack (>= 0.3.2)

PLATFORMS
  ruby

DEPENDENCIES
  bundler (~> 1.12)
  messaging_service!
  pry
  pry-byebug
  rake (> 10.0)
  rake-n-bake
  rspec
  rubocop
  semver2
  vcr
  webmock

BUNDLED WITH
   1.16.1
