PATH
  remote: .
  specs:
    messaging_service (1.0.0)
      airbrake (> 4.0.0)
      twilio-ruby (~> 3.14.0)
      voodoo_sms (~> 1.1.1)

GEM
  remote: https://rubygems.org/
  specs:
    addressable (2.3.8)
    airbrake (6.0.0)
      airbrake-ruby (~> 2.0)
    airbrake-ruby (2.0.0)
    builder (3.2.3)
    byebug (9.0.6)
    coderay (1.1.1)
    crack (0.4.2)
      safe_yaml (~> 1.0.0)
    diff-lcs (1.3)
    httparty (0.14.0)
      multi_xml (>= 0.5.2)
    jwt (1.5.6)
    method_source (0.8.2)
    multi_json (1.12.1)
    multi_xml (0.6.0)
    pry (0.10.4)
      coderay (~> 1.1.0)
      method_source (~> 0.8.1)
      slop (~> 3.4)
    pry-byebug (3.4.2)
      byebug (~> 9.0)
      pry (~> 0.10)
    rake (12.0.0)
    rake-n-bake (2.1.0)
      rake (>= 10)
      term-ansicolor (~> 1.3)
    rspec (3.5.0)
      rspec-core (~> 3.5.0)
      rspec-expectations (~> 3.5.0)
      rspec-mocks (~> 3.5.0)
    rspec-core (3.5.4)
      rspec-support (~> 3.5.0)
    rspec-expectations (3.5.0)
      diff-lcs (>= 1.2.0, < 2.0)
      rspec-support (~> 3.5.0)
    rspec-mocks (3.5.0)
      diff-lcs (>= 1.2.0, < 2.0)
      rspec-support (~> 3.5.0)
    rspec-support (3.5.0)
    safe_yaml (1.0.4)
    semver2 (3.4.2)
    slop (3.6.0)
    term-ansicolor (1.6.0)
      tins (~> 1.0)
    tins (1.13.2)
    twilio-ruby (3.14.5)
      builder (>= 2.1.2)
      jwt (~> 1.0)
      multi_json (>= 1.3.0)
    vcr (2.9.3)
    voodoo_sms (1.1.1)
      httparty (~> 0.13)
    webmock (1.21.0)
      addressable (>= 2.3.6)
      crack (>= 0.3.2)

PLATFORMS
  ruby

DEPENDENCIES
  bundler (~> 1.12)
  messaging_service!
  pry
  pry-byebug
  rake (> 10.0)
  rake-n-bake
  rspec
  semver2
  vcr
  webmock

BUNDLED WITH
   1.14.6
